GEM
  specs:
    coderay (1.1.3)
    method_source (1.0.0)
    pry (0.14.2)
      coderay (~> 1.1)
      method_source (~> 1.0)

PLATFORMS
  arm64-darwin-22
  ruby

DEPENDENCIES
  pry (~> 0.14.2)

BUNDLED WITH
   2.5.3
